GEM
  remote: https://rubygems.org/
  specs:
    jruby-kafka (0.1.0)
    little-plugger (1.1.3)
    logging (1.8.2)
      little-plugger (>= 1.1.3)
      multi_json (>= 1.8.4)
    multi_json (1.11.2)
    slyphon-log4j (1.2.15)
    slyphon-zookeeper_jar (3.3.5-java)
    zk (1.9.5)
      logging (~> 1.8.2)
      zookeeper (~> 1.4.0)
    zookeeper (1.4.10)
    zookeeper (1.4.10-java)
      slyphon-log4j (= 1.2.15)
      slyphon-zookeeper_jar (= 3.3.5)

PLATFORMS
  java
  ruby

DEPENDENCIES
  jruby-kafka
  zk

BUNDLED WITH
   1.10.5
