GEM
  remote: https://rubygems.org/
  specs:
    concurrent-ruby (0.7.2-java)
    hermann (0.25.0.1-java)
      concurrent-ruby (~> 0.7.0)
      jar-dependencies (~> 0.1.10)
      json (~> 1.8.2)
      thread_safe (~> 0.3.4)
    jar-dependencies (0.1.16.pre)
    jruby-kafka (0.1.0)
    json (1.8.3-java)
    thread_safe (0.3.5-java)

PLATFORMS
  java
  ruby

DEPENDENCIES
  hermann
  jruby-kafka

BUNDLED WITH
   1.10.5
